GEM
  remote: https://rubygems.org/
  specs:
    ncurses-ruby (1.2.1)
    ruby-progressbar (1.4.2)

PLATFORMS
  ruby

DEPENDENCIES
  ncurses-ruby
  ruby-progressbar
